GEM
  remote: https://rubygems.org/
  specs:
    minima (1.2.0)

PLATFORMS
  ruby

DEPENDENCIES
  jekyll (= 3.2.1)
  minima

RUBY VERSION
   ruby 2.3.1p112

BUNDLED WITH
   1.13.2
